PATH
  remote: .
  specs:
    aesthetify (1.0.1)

GEM
  remote: https://rubygems.org/
  specs:
    minitest (5.11.3)
    minitest-proveit (1.0.0)
      minitest (> 5, < 7)
    rake (12.3.1)

PLATFORMS
  ruby

DEPENDENCIES
  aesthetify!
  bundler (~> 1.15)
  minitest
  minitest-proveit
  rake

BUNDLED WITH
   1.16.1
